GEM
  remote: https://rubygems.org/
  specs:
    json (2.0.3)
    maxminddb (0.1.11)
    puma (3.8.2)
    rack (2.0.1)

PLATFORMS
  ruby

DEPENDENCIES
  json
  maxminddb
  puma
  rack

BUNDLED WITH
   1.14.5
