GIT
  remote: https://github.com/adamcooke/rack-custom-proxies
  revision: 728194c2bf1b595cce73743c2ba7abed349e2df3
  specs:
    rack-custom-proxies (1.0.0)
      rack

GEM
  remote: https://rubygems.org/
  specs:
    json (2.0.3)
    maxminddb (0.1.11)
    puma (3.8.2)
    rack (2.0.1)

PLATFORMS
  ruby

DEPENDENCIES
  json
  maxminddb
  puma
  rack
  rack-custom-proxies!

BUNDLED WITH
   1.14.5
